GIT
  remote: https://github.com/praxis/attributor.git
  revision: bc4e3ca0653ad722ffed46bbdd38511213082f06
  specs:
    attributor (5.2.1)
      activesupport (>= 3)
      hashie (~> 3)
      randexp (~> 0)

GIT
  remote: https://github.com/praxis/praxis-blueprints.git
  revision: 57b9f9d81d313a7c7bf3e9eebb4b8153c3b48f1c
  specs:
    praxis-blueprints (3.3)
      activesupport (>= 3)
      attributor (>= 5.1)
      randexp (~> 0)

GIT
  remote: https://github.com/praxis/praxis.git
  revision: 37b97f2d72116cd3ae7c2e90f03dfe37fa3b5635
  specs:
    praxis (0.21)
      activesupport (>= 3)
      attributor (~> 5.1)
      harness (~> 2)
      mime (~> 0)
      mustermann (>= 0, <= 1)
      praxis-blueprints (~> 3.3)
      praxis-mapper (~> 4.3)
      rack (>= 1)
      terminal-table (~> 1.4)
      thor (~> 0.18)

GEM
  remote: https://rubygems.org/
  specs:
    activesupport (5.2.4.1)
      concurrent-ruby (~> 1.0, >= 1.0.2)
      i18n (>= 0.7, < 2)
      minitest (~> 5.1)
      tzinfo (~> 1.1)
    byebug (11.1.1)
    coderay (1.1.2)
    concurrent-ruby (1.1.6)
    diff-lcs (1.3)
    ffi (1.12.2)
    foreman (0.87.0)
    formatador (0.2.5)
    guard (2.16.1)
      formatador (>= 0.2.4)
      listen (>= 2.7, < 4.0)
      lumberjack (>= 1.0.12, < 2.0)
      nenv (~> 0.1)
      notiffany (~> 0.0)
      pry (>= 0.9.12)
      shellany (~> 0.0)
      thor (>= 0.18.1)
    guard-compat (1.2.1)
    guard-rspec (4.7.3)
      guard (~> 2.1)
      guard-compat (~> 1.1)
      rspec (>= 2.99.0, < 4.0)
    harness (2.0.0)
      statsd-ruby
    hashie (3.6.0)
    i18n (1.8.2)
      concurrent-ruby (~> 1.0)
    kgio (2.11.3)
    listen (3.2.1)
      rb-fsevent (~> 0.10, >= 0.10.3)
      rb-inotify (~> 0.9, >= 0.9.10)
    lumberjack (1.2.4)
    method_source (0.9.2)
    mime (0.4.4)
    minitest (5.14.0)
    mustermann (1.0.0)
    nenv (0.3.0)
    notiffany (0.1.3)
      nenv (~> 0.1)
      shellany (~> 0.0)
    praxis-mapper (4.5)
      activesupport (>= 3)
      randexp (~> 0)
      sequel (~> 4)
    pry (0.12.2)
      coderay (~> 1.1.0)
      method_source (~> 0.9.0)
    pry-byebug (3.8.0)
      byebug (~> 11.0)
      pry (~> 0.10)
    rack (2.2.2)
    rack-test (1.1.0)
      rack (>= 1.0, < 3)
    rainbows (5.2.1)
      kgio (~> 2.5)
      rack (>= 1.1, < 3.0)
      unicorn (~> 5.1)
    raindrops (0.19.1)
    rake (13.0.1)
    randexp (0.1.7)
    rb-fsevent (0.10.3)
    rb-inotify (0.10.1)
      ffi (~> 1.0)
    rspec (3.9.0)
      rspec-core (~> 3.9.0)
      rspec-expectations (~> 3.9.0)
      rspec-mocks (~> 3.9.0)
    rspec-collection_matchers (1.2.0)
      rspec-expectations (>= 2.99.0.beta1)
    rspec-core (3.9.1)
      rspec-support (~> 3.9.1)
    rspec-expectations (3.9.0)
      diff-lcs (>= 1.2.0, < 2.0)
      rspec-support (~> 3.9.0)
    rspec-its (1.3.0)
      rspec-core (>= 3.0.0)
      rspec-expectations (>= 3.0.0)
    rspec-mocks (3.9.1)
      diff-lcs (>= 1.2.0, < 2.0)
      rspec-support (~> 3.9.0)
    rspec-support (3.9.2)
    sequel (4.49.0)
    shellany (0.0.1)
    shotgun (0.9.2)
      rack (>= 1.0)
    statsd-ruby (1.4.0)
    terminal-table (1.8.0)
      unicode-display_width (~> 1.1, >= 1.1.1)
    thor (0.20.3)
    thread_safe (0.3.6)
    tzinfo (1.2.6)
      thread_safe (~> 0.1)
    unicode-display_width (1.6.1)
    unicorn (5.5.3)
      kgio (~> 2.6)
      raindrops (~> 0.7)

PLATFORMS
  ruby

DEPENDENCIES
  attributor!
  foreman
  guard
  guard-rspec
  jruby-openssl
  praxis!
  praxis-blueprints!
  pry
  pry-byebug
  rack-test
  rainbows
  rake
  rspec
  rspec-collection_matchers
  rspec-its
  shotgun

BUNDLED WITH
   2.1.4
